PATH
  remote: .
  specs:
    dotrs (2.3.3)
      git (~> 1.7)
      toml-rb (~> 2.0)
      tty-tree (~> 0.4)

GEM
  remote: https://rubygems.org/
  specs:
    addressable (2.8.1)
      public_suffix (>= 2.0.2, < 6.0)
    ast (2.4.2)
    citrus (3.0.2)
    debug (1.4.0)
      irb (>= 1.3.6)
      reline (>= 0.2.7)
    docile (1.4.0)
    git (1.13.0)
      addressable (~> 2.8)
      rchardet (~> 1.8)
    io-console (0.5.11)
    irb (1.4.1)
      reline (>= 0.3.0)
    minitest (5.15.0)
    parallel (1.21.0)
    parser (3.1.0.0)
      ast (~> 2.4.1)
    public_suffix (5.0.1)
    rainbow (3.1.1)
    rake (13.0.6)
    rchardet (1.8.0)
    regexp_parser (2.2.1)
    reline (0.3.1)
      io-console (~> 0.5)
    rexml (3.2.5)
    rubocop (1.25.1)
      parallel (~> 1.10)
      parser (>= 3.1.0.0)
      rainbow (>= 2.2.2, < 4.0)
      regexp_parser (>= 1.8, < 3.0)
      rexml
      rubocop-ast (>= 1.15.1, < 2.0)
      ruby-progressbar (~> 1.7)
      unicode-display_width (>= 1.4.0, < 3.0)
    rubocop-ast (1.15.2)
      parser (>= 3.0.1.1)
    rubocop-minitest (0.17.2)
      rubocop (>= 0.90, < 2.0)
    rubocop-performance (1.13.2)
      rubocop (>= 1.7.0, < 2.0)
      rubocop-ast (>= 0.4.0)
    rubocop-rake (0.6.0)
      rubocop (~> 1.0)
    ruby-progressbar (1.11.0)
    simplecov (0.21.2)
      docile (~> 1.1)
      simplecov-html (~> 0.11)
      simplecov_json_formatter (~> 0.1)
    simplecov-html (0.12.3)
    simplecov_json_formatter (0.1.4)
    toml-rb (2.1.2)
      citrus (~> 3.0, > 3.0)
    tty-tree (0.4.0)
    unicode-display_width (2.1.0)
    yard (0.9.36)

PLATFORMS
  x86_64-linux

DEPENDENCIES
  debug (~> 1.4)
  dotrs!
  minitest (~> 5.0)
  rake (~> 13.0)
  rubocop (~> 1.21)
  rubocop-minitest (~> 0.17.2)
  rubocop-performance (~> 1.13)
  rubocop-rake (~> 0.6.0)
  simplecov
  yard (~> 0.9.36)

BUNDLED WITH
   2.3.7
